PATH
  remote: .
  specs:
    cskit-strongs (2.0.0)
      cskit (~> 1.0)
      cskit-biblekjv (~> 2.0)
      json

PATH
  remote: ~/workspace/cskit-rb
  specs:
    cskit (1.1.0)
      json

GEM
  remote: http://rubygems.org/
  specs:
    byebug (2.7.0)
      columnize (~> 0.3)
      debugger-linecache (~> 1.2)
    coderay (1.0.9)
    columnize (0.9.0)
    cskit-biblekjv (2.0.1)
      cskit (~> 1.1)
      json
    debugger-linecache (1.2.0)
    json (2.0.2)
    method_source (0.8.1)
    nokogiri (1.5.6)
    pry (0.9.12.2)
      coderay (~> 1.0.5)
      method_source (~> 0.8)
      slop (~> 3.4)
    pry-byebug (1.3.2)
      byebug (~> 2.7)
      pry (~> 0.9.12)
    rake (10.1.0)
    slop (3.4.5)

PLATFORMS
  ruby

DEPENDENCIES
  cskit!
  cskit-strongs!
  nokogiri
  pry
  pry-byebug
  rake

BUNDLED WITH
   1.12.5
